GEM
  remote: https://rubygems.org/
  specs:
    ast (2.4.1)
    fastimage (2.1.5)
    minitest (5.11.3)
    parallel (1.20.0)
    parser (2.7.2.0)
      ast (~> 2.4.1)
    rainbow (3.0.0)
    rake (12.3.2)
    regexp_parser (1.8.2)
    rexml (3.2.4)
    rubocop (1.3.1)
      parallel (~> 1.10)
      parser (>= 2.7.1.5)
      rainbow (>= 2.2.2, < 4.0)
      regexp_parser (>= 1.8)
      rexml
      rubocop-ast (>= 1.1.1)
      ruby-progressbar (~> 1.7)
      unicode-display_width (>= 1.4.0, < 2.0)
    rubocop-ast (1.1.1)
      parser (>= 2.7.1.5)
    ruby-progressbar (1.10.1)
    safe_yaml (1.0.5)
    unicode-display_width (1.7.0)

PLATFORMS
  ruby

DEPENDENCIES
  fastimage
  minitest
  rake
  rubocop
  safe_yaml

BUNDLED WITH
   1.16.1
