GEM
  remote: https://rubygems.org/
  specs:
    ast (2.4.0)
    fastimage (2.1.5)
    jaro_winkler (1.5.4)
    minitest (5.11.3)
    parallel (1.19.1)
    parser (2.7.0.3)
      ast (~> 2.4.0)
    rainbow (3.0.0)
    rake (12.3.2)
    rexml (3.2.4)
    rubocop (0.80.1)
      jaro_winkler (~> 1.5.1)
      parallel (~> 1.10)
      parser (>= 2.7.0.1)
      rainbow (>= 2.2.2, < 4.0)
      rexml
      ruby-progressbar (~> 1.7)
      unicode-display_width (>= 1.4.0, < 1.7)
    ruby-progressbar (1.10.1)
    safe_yaml (1.0.5)
    unicode-display_width (1.6.1)

PLATFORMS
  ruby

DEPENDENCIES
  fastimage
  minitest
  rake
  rubocop
  safe_yaml

BUNDLED WITH
   1.16.1
